GEM
  remote: http://rubygems.org/
  specs:
    mime-types (1.19)
    redcarpet (2.1.1)
    rest-client (1.6.7)
      mime-types (>= 1.16)
    yard (0.8.3)

PLATFORMS
  ruby

DEPENDENCIES
  redcarpet
  rest-client
  yard
